GEM
  remote: https://rubygems.org/
  specs:
    anthropic (0.3.2)
      event_stream_parser (>= 0.3.0, < 2.0.0)
      faraday (>= 1)
      faraday-multipart (>= 1)
    awesome_print (1.9.2)
    bigdecimal (3.1.8)
    caracal (1.4.1)
      nokogiri (~> 1.6)
      rubyzip (~> 1.1)
      tilt (>= 1.4)
    csv (3.3.2)
    docx (0.3.0)
      nokogiri (~> 1.8, >= 1.8.1)
      rubyzip (~> 1.2, >= 1.2.1)
    dotenv (3.1.7)
    event_stream_parser (1.0.0)
    faraday (2.12.2)
      faraday-net_http (>= 2.0, < 3.5)
      json
      logger
    faraday-multipart (1.1.0)
      multipart-post (~> 2.0)
    faraday-net_http (3.4.0)
      net-http (>= 0.5.0)
    httparty (0.22.0)
      csv
      mini_mime (>= 1.0.0)
      multi_xml (>= 0.5.2)
    json (2.9.1)
    logger (1.6.4)
    mini_mime (1.1.5)
    multi_xml (0.7.1)
      bigdecimal (~> 3.1)
    multipart-post (2.4.1)
    net-http (0.6.0)
      uri
    nokogiri (1.17.2-x64-mingw-ucrt)
      racc (~> 1.4)
    pragmatic_segmenter (0.3.24)
    racc (1.8.1)
    ruby-openai (7.3.1)
      event_stream_parser (>= 0.3.0, < 2.0.0)
      faraday (>= 1)
      faraday-multipart (>= 1)
    rubyzip (1.3.0)
    tilt (2.5.0)
    uri (1.0.2)

PLATFORMS
  x64-mingw-ucrt

DEPENDENCIES
  anthropic
  awesome_print
  caracal
  docx
  dotenv
  httparty
  pragmatic_segmenter
  ruby-openai

BUNDLED WITH
   2.6.2
